GIT
  remote: git://github.com/datadog/omnibus-ruby.git
  revision: 043eec1601dca92d15c01d4317f15be8e80ff714
  branch: quentin/omnibus-5.4.0-datadog-patches
  specs:
    omnibus (5.4.0)
      aws-sdk (~> 2)
      chef-sugar (~> 3.3)
      cleanroom (~> 1.0)
      ffi-yajl (~> 2.2)
      httparty
      mixlib-shellout (~> 2.0)
      mixlib-versioning
      ohai (~> 8.0)
      ruby-progressbar (~> 1.7)
      thor (~> 0.18)

GIT
  remote: git://github.com/datadog/omnibus-software.git
  revision: f9f306aecbb86c9d44680d96d55786e50d12be12
  branch: quentin/omnibus-5.0
  specs:
    omnibus-software (3.0.0)

GEM
  remote: https://rubygems.org/
  specs:
    aws-sdk (2.3.17)
      aws-sdk-resources (= 2.3.17)
    aws-sdk-core (2.3.17)
      jmespath (~> 1.0)
    aws-sdk-resources (2.3.17)
      aws-sdk-core (= 2.3.17)
    chef-config (12.11.18)
      fuzzyurl (~> 0.8.0)
      mixlib-config (~> 2.0)
      mixlib-shellout (~> 2.0)
    chef-sugar (3.3.0)
    cleanroom (1.0.0)
    ffi (1.9.10)
    ffi-yajl (2.2.3)
      libyajl2 (~> 1.2)
    fuzzyurl (0.8.0)
    httparty (0.13.7)
      json (~> 1.8)
      multi_xml (>= 0.5.2)
    ipaddress (0.8.3)
    jmespath (1.2.4)
      json_pure (>= 1.8.1)
    json (1.8.3)
    json_pure (1.8.3)
    libyajl2 (1.2.0)
    mixlib-cli (1.6.0)
    mixlib-config (2.2.1)
    mixlib-log (1.6.0)
    mixlib-shellout (2.2.6)
    mixlib-versioning (1.1.0)
    multi_xml (0.5.5)
    ohai (8.10.0)
      chef-config (>= 12.5.0.alpha.1, < 13)
      ffi (~> 1.9)
      ffi-yajl (~> 2.2)
      ipaddress
      mixlib-cli
      mixlib-config (~> 2.0)
      mixlib-log
      mixlib-shellout (~> 2.0)
      rake (~> 10.1)
      systemu (~> 2.6.4)
      wmi-lite (~> 1.0)
    rake (10.5.0)
    ruby-progressbar (1.8.1)
    systemu (2.6.5)
    thor (0.19.1)
    win32-process (0.8.3)
      ffi (>= 1.0.0)
    wmi-lite (1.0.0)

PLATFORMS
  ruby

DEPENDENCIES
  httparty
  ohai (~> 8.10.0)
  omnibus!
  omnibus-software!
  win32-process

BUNDLED WITH
   1.12.5
